GEM
  remote: http://rubygems.org/
  specs:
    addressable (2.3.2)
    blankslate (2.1.2.4)
    css_parser (1.2.6)
      addressable
      rdoc
    ffi (1.0.11)
    gli (1.6.0)
    json (1.7.6)
    nokogiri (1.5.6)
    parade (0.8.0)
      css_parser
      gli (~> 1.6.0)
      json
      nokogiri
      parslet (= 1.4.0)
      pygments.rb (= 0.2.3)
      redcarpet
      rubypython (= 0.5.1)
      sinatra (~> 1.3)
    parslet (1.4.0)
      blankslate (~> 2.0)
    pygments.rb (0.2.3)
      rubypython (>= 0.5.1)
    rack (1.4.3)
    rack-protection (1.3.2)
      rack
    rdoc (3.12)
      json (~> 1.4)
    redcarpet (2.2.2)
    rubypython (0.5.1)
      blankslate (>= 2.1.2.3)
      ffi (~> 1.0.7)
    sinatra (1.3.3)
      rack (~> 1.3, >= 1.3.6)
      rack-protection (~> 1.2)
      tilt (~> 1.3, >= 1.3.3)
    tilt (1.3.3)

PLATFORMS
  ruby

DEPENDENCIES
  parade
